GEM
  remote: https://rubygems.org/
  specs:
    curses (1.2.7)

PLATFORMS
  ruby

DEPENDENCIES
  curses

BUNDLED WITH
   2.0.1
